GEM
  remote: https://rubygems.org/
  specs:
    diff-lcs (1.3)
    i18n (0.6.9)
    rake (12.0.0)
    rspec (3.5.0)
      rspec-core (~> 3.5.0)
      rspec-expectations (~> 3.5.0)
      rspec-mocks (~> 3.5.0)
    rspec-core (3.5.4)
      rspec-support (~> 3.5.0)
    rspec-expectations (3.5.0)
      diff-lcs (>= 1.2.0, < 2.0)
      rspec-support (~> 3.5.0)
    rspec-mocks (3.5.0)
      diff-lcs (>= 1.2.0, < 2.0)
      rspec-support (~> 3.5.0)
    rspec-support (3.5.0)
    thor (0.18.1)

PLATFORMS
  ruby

DEPENDENCIES
  i18n
  rake
  rspec
  thor

BUNDLED WITH
   1.13.6
